PATH
  remote: .
  specs:
    rugui (2.0.0.beta3)
      activesupport (>= 3.2.0)
      rake (>= 0.9.2.2)
      thor (>= 0.14.6)

GEM
  remote: http://rubygems.org/
  specs:
    activesupport (7.0.4.1)
      concurrent-ruby (~> 1.0, >= 1.0.2)
      i18n (>= 1.6, < 2)
      minitest (>= 5.1)
      tzinfo (~> 2.0)
    atk (2.0.0)
      glib2 (>= 2.0.0)
    cairo (1.12.4)
      pkg-config
    columnize (0.3.6)
    concurrent-ruby (1.1.10)
    debugger (1.5.0)
      columnize (>= 0.3.1)
      debugger-linecache (~> 1.2.0)
      debugger-ruby_core_source (~> 1.2.0)
    debugger-linecache (1.2.0)
    debugger-ruby_core_source (1.2.0)
    diff-lcs (1.2.4)
    ffi (1.1.5)
    gdk_pixbuf2 (2.0.0)
      glib2 (>= 2.0.0)
    glib2 (2.0.0)
      pkg-config
    gtk2 (2.0.0)
      atk (>= 2.0.0)
      gdk_pixbuf2 (>= 2.0.0)
      pango (>= 2.0.0)
    i18n (1.12.0)
      concurrent-ruby (~> 1.0)
    json (1.8.0)
    minitest (5.17.0)
    nice-ffi (0.4)
      ffi (>= 0.5.0)
    pango (2.0.0)
      cairo (>= 1.10.0)
      glib2 (>= 2.0.0)
    pkg-config (1.1.4)
    qtbindings (4.8.3.0)
    rake (10.0.4)
    rdoc (4.0.1)
      json (~> 1.4)
    rspec (2.13.0)
      rspec-core (~> 2.13.0)
      rspec-expectations (~> 2.13.0)
      rspec-mocks (~> 2.13.0)
    rspec-core (2.13.1)
    rspec-expectations (2.13.0)
      diff-lcs (>= 1.1.3, < 2.0)
    rspec-mocks (2.13.1)
    ruby-sdl-ffi (0.4)
      nice-ffi (>= 0.2)
    rubygame (2.6.4)
      rake (>= 0.7.0)
      ruby-sdl-ffi (>= 0.1.0)
    thor (0.18.1)
    tzinfo (2.0.5)
      concurrent-ruby (~> 1.0)

PLATFORMS
  ruby

DEPENDENCIES
  debugger
  ffi (= 1.1.5)
  gtk2
  qtbindings
  rdoc
  rspec (>= 2.11.0)
  rubygame
  rugui!
